GIT
  remote: https://github.com/hanami/router.git
  revision: 2c731a842c51e0292f87136a1358f97b43884d20
  specs:
    hanami-router (2.0.0.alpha5)
      mustermann (~> 1.0)
      mustermann-contrib (~> 1.0)
      rack (~> 2.0)

GEM
  remote: https://rubygems.org/
  specs:
    ast (2.4.2)
    csv (3.2.1)
    hansi (0.2.0)
    mustermann (1.1.1)
      ruby2_keywords (~> 0.0.1)
    mustermann-contrib (1.1.1)
      hansi (~> 0.2.0)
      mustermann (= 1.1.1)
    parallel (1.21.0)
    parser (3.0.2.0)
      ast (~> 2.4.1)
    pg (1.2.3)
    quickchart (1.2.0)
    rack (2.2.3)
    rainbow (3.0.0)
    regexp_parser (2.1.1)
    rexml (3.2.5)
    rubocop (1.22.3)
      parallel (~> 1.10)
      parser (>= 3.0.0.0)
      rainbow (>= 2.2.2, < 4.0)
      regexp_parser (>= 1.8, < 3.0)
      rexml
      rubocop-ast (>= 1.12.0, < 2.0)
      ruby-progressbar (~> 1.7)
      unicode-display_width (>= 1.4.0, < 3.0)
    rubocop-ast (1.12.0)
      parser (>= 3.0.1.1)
    ruby-progressbar (1.11.0)
    ruby2_keywords (0.0.5)
    unicode-display_width (2.1.0)
    webrick (1.7.0)

PLATFORMS
  arm64-darwin-20
  arm64-darwin-21

DEPENDENCIES
  csv
  hanami-router!
  pg
  quickchart
  rack
  rubocop
  webrick

BUNDLED WITH
   2.2.30
